GEM
  remote: https://rubygems.org/
  specs:
    mini_portile2 (2.3.0)
    nokogiri (1.8.1)
      mini_portile2 (~> 2.3.0)
    rprogram (0.3.2)
    ruby-nmap (0.8.0)
      nokogiri (~> 1.3)
      rprogram (~> 0.3)

PLATFORMS
  ruby

DEPENDENCIES
  ruby-nmap (~> 0.8.0)

BUNDLED WITH
   1.15.4
